RESTRICTION: == net47
NUGET
  remote: https://api.nuget.org/v3/index.json
    ControlzEx (3.0.2.4)
    Costura.Fody (3.3.2)
      Fody (>= 3.3.5)
    Fody (4.0.2)
    MahApps.Metro (1.6.5)
      ControlzEx (>= 3.0.2.4 < 4.0)
    MahApps.Metro.IconPacks (2.3)
      ControlzEx (>= 3.0.2.4 < 4.0)
    Newtonsoft.Json (12.0.1)
    Newtonsoft.Json.Schema (3.0.10)
      Newtonsoft.Json (>= 11.0.1)
